GEM
  remote: https://rubygems.org/
  specs:
    base64 (0.3.0)
    bigdecimal (3.2.3)
    builder (3.3.0)
    coderay (1.1.3)
    cucumber (10.1.0)
      base64 (~> 0.2)
      builder (~> 3.2)
      cucumber-ci-environment (> 9, < 11)
      cucumber-core (> 15, < 17)
      cucumber-cucumber-expressions (> 17, < 19)
      cucumber-html-formatter (> 20.3, < 22)
      diff-lcs (~> 1.5)
      logger (~> 1.6)
      mini_mime (~> 1.1)
      multi_test (~> 1.1)
      sys-uname (~> 1.3)
    cucumber-ci-environment (10.0.1)
    cucumber-core (15.2.1)
      cucumber-gherkin (> 27, < 33)
      cucumber-messages (> 26, < 30)
      cucumber-tag-expressions (> 5, < 7)
    cucumber-cucumber-expressions (18.0.1)
      bigdecimal
    cucumber-gherkin (32.2.0)
      cucumber-messages (> 25, < 28)
    cucumber-html-formatter (21.15.1)
      cucumber-messages (> 19, < 28)
    cucumber-messages (27.2.0)
    cucumber-tag-expressions (6.1.2)
    diff-lcs (1.6.2)
    ffi (1.17.2)
    ffi (1.17.2-aarch64-linux-gnu)
    ffi (1.17.2-aarch64-linux-musl)
    ffi (1.17.2-arm-linux-gnu)
    ffi (1.17.2-arm-linux-musl)
    ffi (1.17.2-arm64-darwin)
    ffi (1.17.2-x86-linux-gnu)
    ffi (1.17.2-x86-linux-musl)
    ffi (1.17.2-x86_64-darwin)
    ffi (1.17.2-x86_64-linux-gnu)
    ffi (1.17.2-x86_64-linux-musl)
    logger (1.7.0)
    memoist3 (1.0.0)
    method_source (1.1.0)
    mini_mime (1.1.5)
    multi_test (1.1.0)
    pry (0.15.2)
      coderay (~> 1.1)
      method_source (~> 1.0)
    rspec (3.13.1)
      rspec-core (~> 3.13.0)
      rspec-expectations (~> 3.13.0)
      rspec-mocks (~> 3.13.0)
    rspec-core (3.13.5)
      rspec-support (~> 3.13.0)
    rspec-expectations (3.13.5)
      diff-lcs (>= 1.2.0, < 2.0)
      rspec-support (~> 3.13.0)
    rspec-mocks (3.13.5)
      diff-lcs (>= 1.2.0, < 2.0)
      rspec-support (~> 3.13.0)
    rspec-support (3.13.6)
    sys-uname (1.4.1)
      ffi (~> 1.1)
      memoist3 (~> 1.0.0)

PLATFORMS
  aarch64-linux-gnu
  aarch64-linux-musl
  arm-linux-gnu
  arm-linux-musl
  arm64-darwin
  ruby
  x86-linux-gnu
  x86-linux-musl
  x86_64-darwin
  x86_64-linux-gnu
  x86_64-linux-musl

DEPENDENCIES
  cucumber
  pry
  rspec

BUNDLED WITH
   2.6.3
